PATH
  remote: .
  specs:
    amalgam-worker (0.1.0)
      aws-sdk (~> 1.33)
      httparty (~> 0.12)
      safe_yaml (~> 1.0)

GEM
  remote: https://rubygems.org/
  specs:
    aws-sdk (1.34.0)
      json (~> 1.4)
      nokogiri (>= 1.4.4)
      uuidtools (~> 2.1)
    diff-lcs (1.2.5)
    httparty (0.12.0)
      json (~> 1.8)
      multi_xml (>= 0.5.2)
    json (1.8.1)
    mini_portile (0.5.2)
    multi_xml (0.5.5)
    nokogiri (1.6.1)
      mini_portile (~> 0.5.0)
    rake (10.1.1)
    rspec (2.14.1)
      rspec-core (~> 2.14.0)
      rspec-expectations (~> 2.14.0)
      rspec-mocks (~> 2.14.0)
    rspec-core (2.14.7)
    rspec-expectations (2.14.5)
      diff-lcs (>= 1.1.3, < 2.0)
    rspec-mocks (2.14.5)
    safe_yaml (1.0.1)
    uuidtools (2.1.4)

PLATFORMS
  ruby

DEPENDENCIES
  amalgam-worker!
  rake (~> 10.1)
  rspec (~> 2.14)
